PATH
  remote: .
  specs:
    foobar (0.1.0)

GEM
  remote: https://rubygems.org/
  specs:
    minitest (5.11.3)
    rake (10.5.0)

PLATFORMS
  ruby

DEPENDENCIES
  bundler (~> 1.16)
  foobar!
  minitest (~> 5.0)
  rake

BUNDLED WITH
   1.16.1
